PATH
  remote: .
  specs:
    hetzner-bootstrap-coreos (0.1)
      colorize (~> 0.8.1)
      erubis (>= 2.7.0)
      hetzner-api (~> 1.2.0)
      net-sftp (~> 2.1.2)
      net-ssh (~> 4.1)

GEM
  remote: https://rubygems.org/
  specs:
    colorize (0.8.1)
    diff-lcs (1.3)
    erubis (2.7.0)
    hetzner-api (1.2.0)
      httparty (~> 0.14.0)
      json
      thor
      xml-simple
    httparty (0.14.0)
      multi_xml (>= 0.5.2)
    json (2.1.0)
    multi_xml (0.6.0)
    net-sftp (2.1.2)
      net-ssh (>= 2.6.5)
    net-ssh (4.1.0)
    rake (12.0.0)
    rspec (3.6.0)
      rspec-core (~> 3.6.0)
      rspec-expectations (~> 3.6.0)
      rspec-mocks (~> 3.6.0)
    rspec-core (3.6.0)
      rspec-support (~> 3.6.0)
    rspec-expectations (3.6.0)
      diff-lcs (>= 1.2.0, < 2.0)
      rspec-support (~> 3.6.0)
    rspec-mocks (3.6.0)
      diff-lcs (>= 1.2.0, < 2.0)
      rspec-support (~> 3.6.0)
    rspec-support (3.6.0)
    thor (0.20.0)
    xml-simple (1.1.5)

PLATFORMS
  ruby

DEPENDENCIES
  hetzner-bootstrap-coreos!
  rake
  rspec (>= 2.13.0)

BUNDLED WITH
   1.15.4
